GIT
  remote: git://github.com/agerwick/rack-minitest.git
  revision: 852b9aa04cba7b3646e2b6b8b636c3a048a2a063
  specs:
    rack-minitest (0.0.10)
      json
      minitest (~> 5.0)
      rack-test

GEM
  remote: https://rubygems.org/
  specs:
    capybara (2.5.0)
      mime-types (>= 1.16)
      nokogiri (>= 1.3.3)
      rack (>= 1.0.0)
      rack-test (>= 0.5.4)
      xpath (~> 2.0)
    capybara-webkit (1.1.0)
      capybara (~> 2.0, >= 2.0.2)
      json
    capybara_minitest_spec (1.0.5)
      capybara (>= 2)
      minitest (>= 4)
    codeclimate-test-reporter (0.4.7)
      simplecov (>= 0.7.1, < 1.0.0)
    docile (1.1.5)
    haml (4.0.7)
      tilt
    json (1.8.3)
    mime-types (2.6.1)
    mini_portile (0.6.2)
    minitest (5.8.0)
    nokogiri (1.6.6.2)
      mini_portile (~> 0.6.0)
    rack (1.6.4)
    rack-protection (1.5.3)
      rack
    rack-test (0.6.3)
      rack (>= 1.0)
    rake (10.4.2)
    shotgun (0.9.1)
      rack (>= 1.0)
    simplecov (0.10.0)
      docile (~> 1.1.0)
      json (~> 1.8)
      simplecov-html (~> 0.10.0)
    simplecov-html (0.10.0)
    sinatra (1.4.6)
      rack (~> 1.4)
      rack-protection (~> 1.4)
      tilt (>= 1.3, < 3)
    tilt (2.0.1)
    travis-lint (2.0.0)
      json
    xpath (2.0.0)
      nokogiri (~> 1.3)

PLATFORMS
  ruby

DEPENDENCIES
  capybara (~> 2.2)
  capybara-webkit (~> 1.0)
  capybara_minitest_spec (~> 1.0)
  codeclimate-test-reporter
  haml (~> 4.0)
  minitest (~> 5.0)
  rack-minitest!
  rack-test (~> 0.6)
  rake
  shotgun
  simplecov
  sinatra (~> 1.4)
  travis-lint
