GIT
  remote: git://github.com/agerwick/rack-minitest.git
  revision: 58cdbac8a01b811e1239df45b00f619012390028
  specs:
    rack-minitest (0.0.9)
      json
      minitest (~> 5.0)
      rack-test

GEM
  remote: https://rubygems.org/
  specs:
    capybara (2.2.0)
      mime-types (>= 1.16)
      nokogiri (>= 1.3.3)
      rack (>= 1.0.0)
      rack-test (>= 0.5.4)
      xpath (~> 2.0)
    capybara-webkit (1.0.0)
      capybara (~> 2.0, >= 2.0.2)
      json
    capybara_minitest_spec (1.0.1)
      capybara (>= 2)
      minitest (>= 2)
    haml (4.0.4)
      tilt
    json (1.7.7)
    mime-types (2.0)
    mini_portile (0.5.2)
    minitest (5.4.2)
    multi_json (1.10.1)
    nokogiri (1.6.0)
      mini_portile (~> 0.5.0)
    rack (1.5.2)
    rack-protection (1.5.1)
      rack
    rack-test (0.6.2)
      rack (>= 1.0)
    shotgun (0.9)
      rack (>= 1.0)
    simplecov (0.7.1)
      multi_json (~> 1.0)
      simplecov-html (~> 0.7.1)
    simplecov-html (0.7.1)
    sinatra (1.4.4)
      rack (~> 1.4)
      rack-protection (~> 1.4)
      tilt (~> 1.3, >= 1.3.4)
    tilt (1.4.1)
    travis-lint (2.0.0)
      json
    xpath (2.0.0)
      nokogiri (~> 1.3)

PLATFORMS
  ruby

DEPENDENCIES
  capybara (~> 2.2)
  capybara-webkit (~> 1.0)
  capybara_minitest_spec (~> 1.0)
  haml (~> 4.0)
  minitest (~> 5.0)
  rack-minitest!
  rack-test (~> 0.6)
  shotgun
  simplecov (~> 0.7.1)
  sinatra (~> 1.4.4)
  travis-lint
